GEM
  remote: https://rubygems.org/
  specs:
    jwt (2.1.0)
    mustermann (1.0.1)
    rack (2.0.3)
    rack-protection (2.0.0)
      rack
    sequel (5.4.0)
    sinatra (2.0.0)
      mustermann (~> 1.0)
      rack (~> 2.0)
      rack-protection (= 2.0.0)
      tilt (~> 2.0)
    sqlite3 (1.3.13)
    tilt (2.0.8)

PLATFORMS
  ruby

DEPENDENCIES
  jwt!
  sequel!
  sinatra!
  sqlite3!

BUNDLED WITH
   1.14.6
